GIT
  remote: git@github.com:sethcall/files.git
  revision: 9107f3ae6e24dbe67d8b1d27be6d122d72436382
  specs:
    files (0.2.1)

PATH
  remote: .
  specs:
    pg_migrate (0.1.12)
      logging (= 1.7.2)
      pg (= 0.17.1)
      thor (= 0.15.4)

GEM
  remote: https://rubygems.org/
  specs:
    diff-lcs (1.1.3)
    little-plugger (1.1.3)
    logging (1.7.2)
      little-plugger (>= 1.1.3)
    pg (0.17.1)
    rspec (2.11.0)
      rspec-core (~> 2.11.0)
      rspec-expectations (~> 2.11.0)
      rspec-mocks (~> 2.11.0)
    rspec-core (2.11.1)
    rspec-expectations (2.11.3)
      diff-lcs (~> 1.1.3)
    rspec-mocks (2.11.3)
    thor (0.15.4)

PLATFORMS
  ruby

DEPENDENCIES
  files!
  pg_migrate!
  rspec (= 2.11.0)
