PATH
  remote: .
  specs:
    pg_migrate (0.0.1)
      logging (= 1.7.2)
      pg (= 0.14.0)
      thor (= 0.15.4)

PATH
  remote: /Users/seth/workspace/files
  specs:
    files (0.2.1)

GEM
  remote: https://rubygems.org/
  specs:
    diff-lcs (1.1.3)
    little-plugger (1.1.3)
    logging (1.7.2)
      little-plugger (>= 1.1.3)
    pg (0.14.0)
    rspec (2.11.0)
      rspec-core (~> 2.11.0)
      rspec-expectations (~> 2.11.0)
      rspec-mocks (~> 2.11.0)
    rspec-core (2.11.0)
    rspec-expectations (2.11.1)
      diff-lcs (~> 1.1.3)
    rspec-mocks (2.11.0)
    thor (0.15.4)

PLATFORMS
  ruby

DEPENDENCIES
  files!
  pg_migrate!
  rspec (= 2.11.0)
